GEM
  remote: https://rubygems.org/
  specs:
    imagesize (0.1.1)

PLATFORMS
  ruby

DEPENDENCIES
  imagesize
