GEM
  remote: https://rubygems.org/
  specs:
    colorize (0.5.8)
    ethon (0.5.10)
      ffi (~> 1.3.0)
      mime-types (~> 1.18)
    ffi (1.3.1)
    mime-types (1.21)
    nokogiri (1.5.6)
    typhoeus (0.6.2)
      ethon (~> 0.5.10)

PLATFORMS
  ruby

DEPENDENCIES
  colorize
  nokogiri
  typhoeus
